PATH
  remote: .
  specs:
    acts_as_commentable (6.0.0)
      activerecord (~> 6.0.0)

GEM
  remote: http://rubygems.org/
  specs:
    activemodel (6.0.3.7)
      activesupport (= 6.0.3.7)
    activerecord (6.0.3.7)
      activemodel (= 6.0.3.7)
      activesupport (= 6.0.3.7)
    activesupport (6.0.3.7)
      concurrent-ruby (~> 1.0, >= 1.0.2)
      i18n (>= 0.7, < 2)
      minitest (~> 5.1)
      tzinfo (~> 1.1)
      zeitwerk (~> 2.2, >= 2.2.2)
    coderay (1.1.3)
    concurrent-ruby (1.1.8)
    i18n (1.8.10)
      concurrent-ruby (~> 1.0)
    method_source (1.0.0)
    minitest (5.14.4)
    power_assert (2.0.0)
    pry (0.14.1)
      coderay (~> 1.1)
      method_source (~> 1.0)
    rake (13.0.3)
    sqlite3 (1.4.2)
    test-unit (3.4.1)
      power_assert
    thread_safe (0.3.6)
    tzinfo (1.2.9)
      thread_safe (~> 0.1)
    zeitwerk (2.4.2)

PLATFORMS
  ruby

DEPENDENCIES
  acts_as_commentable!
  pry
  rake
  sqlite3 (~> 1.4.0)
  test-unit

BUNDLED WITH
   2.2.17
